{
	"Modality": "MR",
	"MagneticFieldStrength": 3,
	"ImagingFrequency": 127.778,
	"Manufacturer": "Philips",
	"ManufacturersModelName": "Ingenia",
	"InstitutionName": "JS_NJ_Children_Hosp.",
	"InstitutionalDepartmentName": "MR",
	"InstitutionAddress": "Jiangdong_south_Road",
	"DeviceSerialNumber": "71516",
	"StationName": "HOST-BN4DE7MMKN",
	"BodyPartExamined": "HEAD",
	"PatientPosition": "HFS",
	"ProcedureStepDescription": "H",
	"SoftwareVersions": "6.0.541_6.0.541.2",
	"MRAcquisitionType": "3D",
	"SeriesDescription": "sT1W_3D_IR_TFE_sag",
	"ProtocolName": "sT1W_3D_IR_TFE_sag",
	"ScanningSequence": "GR",
	"SequenceVariant": "MP",
	"ScanOptions": "OTHER",
	"ImageType": ["ORIGINAL", "PRIMARY", "M", "FFE", "M", "FFE"],
	"SeriesNumber": 201,
	"AcquisitionTime": "20:34:21.380000",
	"AcquisitionNumber": 2,
	"PhilipsRWVSlope": 4.17289,
	"PhilipsRWVIntercept": 0,
	"SliceThickness": 1,
	"SpacingBetweenSlices": 0.5,
	"SAR": 0.034068,
	"EchoTime": 0.003501,
	"RepetitionTime": 0.0079,
	"FlipAngle": 8,
	"CoilString": "MULTI_COIL",
	"PercentPhaseFOV": 100,
	"EchoTrainLength": 225,
	"PhaseEncodingSteps": 200,
	"AcquisitionMatrixPE": 200,
	"ReconMatrixPE": 432,
	"PixelBandwidth": 334,
	"ImageOrientationPatientDICOM": [
		-0.133924,
		0.989076,
		0.0615918,
		-0.0219494,
		0.0591759,
		-0.998006	],
	"InPlanePhaseEncodingDirectionDICOM": "ROW",
	"ConversionSoftware": "dcm2niix",
	"ConversionSoftwareVersion": "v1.0.20190902"
}
