{
	"Modality": "MR",
	"MagneticFieldStrength": 3,
	"ImagingFrequency": 127.778,
	"Manufacturer": "Philips",
	"ManufacturersModelName": "Ingenia",
	"InstitutionName": "JS_NJ_Children_Hosp.",
	"InstitutionalDepartmentName": "MR",
	"InstitutionAddress": "Jiangdong_south_Road",
	"DeviceSerialNumber": "71516",
	"StationName": "HOST-BN4DE7MMKN",
	"BodyPartExamined": "HEAD",
	"PatientPosition": "HFS",
	"ProcedureStepDescription": "H",
	"SoftwareVersions": "6.0.531_6.0.531.2",
	"MRAcquisitionType": "3D",
	"SeriesDescription": "sT1W_3D_IR_TFE_sag",
	"ProtocolName": "sT1W_3D_IR_TFE_sag",
	"ScanningSequence": "GR",
	"SequenceVariant": "MP",
	"ScanOptions": "OTHER",
	"ImageType": ["ORIGINAL", "PRIMARY", "M", "FFE", "M", "FFE"],
	"SeriesNumber": 301,
	"AcquisitionTime": "21:57:38.270000",
	"AcquisitionNumber": 3,
	"SliceThickness": 1,
	"SpacingBetweenSlices": 0.5,
	"SAR": 0.308115,
	"EchoTime": 0.003501,
	"RepetitionTime": 0.0079,
	"FlipAngle": 8,
	"CoilString": "MULTI_COIL",
	"PercentPhaseFOV": 100,
	"EchoTrainLength": 225,
	"PhaseEncodingSteps": 200,
	"AcquisitionMatrixPE": 200,
	"ReconMatrixPE": 432,
	"PixelBandwidth": 334,
	"ImageOrientationPatientDICOM": [
		-0.0476125,
		0.954378,
		0.294782,
		-0.0218206,
		0.294053,
		-0.95554	],
	"InPlanePhaseEncodingDirectionDICOM": "ROW",
	"ConversionSoftware": "dcm2niix",
	"ConversionSoftwareVersion": "v1.0.20190902"
}
