{
	"Modality": "MR",
	"MagneticFieldStrength": 3,
	"ImagingFrequency": 127.778,
	"Manufacturer": "Philips",
	"ManufacturersModelName": "Ingenia",
	"InstitutionName": "JS_NJ_Children_Hosp.",
	"InstitutionalDepartmentName": "MR",
	"InstitutionAddress": "Jiangdong_south_Road",
	"DeviceSerialNumber": "71516",
	"StationName": "HOST-BN4DE7MMKN",
	"BodyPartExamined": "HEAD",
	"PatientPosition": "HFS",
	"ProcedureStepDescription": "H",
	"SoftwareVersions": "6.0.531_6.0.531.2",
	"MRAcquisitionType": "3D",
	"SeriesDescription": "sT1W_3D_IR_TFE_sag",
	"ProtocolName": "sT1W_3D_IR_TFE_sag",
	"ScanningSequence": "GR",
	"SequenceVariant": "MP",
	"ScanOptions": "OTHER",
	"ImageType": ["ORIGINAL", "PRIMARY", "M", "FFE", "M", "FFE"],
	"SeriesNumber": 401,
	"AcquisitionTime": "09:34:10.310000",
	"AcquisitionNumber": 4,
	"SliceThickness": 1,
	"SpacingBetweenSlices": 0.5,
	"SAR": 0.308115,
	"EchoTime": 0.0035,
	"RepetitionTime": 0.0079,
	"FlipAngle": 8,
	"CoilString": "MULTI_COIL",
	"PercentPhaseFOV": 100,
	"EchoTrainLength": 225,
	"PhaseEncodingSteps": 180,
	"AcquisitionMatrixPE": 180,
	"ReconMatrixPE": 432,
	"PixelBandwidth": 334,
	"ImageOrientationPatientDICOM": [
		-0.0228103,
		0.960761,
		0.276439,
		-0.0088367,
		0.276306,
		-0.961029	],
	"InPlanePhaseEncodingDirectionDICOM": "ROW",
	"ConversionSoftware": "dcm2niix",
	"ConversionSoftwareVersion": "v1.0.20190902"
}
