{
	"Modality": "MR",
	"MagneticFieldStrength": 3,
	"ImagingFrequency": 127.778,
	"Manufacturer": "Philips",
	"ManufacturersModelName": "Ingenia",
	"InstitutionName": "JS_NJ_Children_Hosp.",
	"InstitutionalDepartmentName": "MR",
	"InstitutionAddress": "Jiangdong_south_Road",
	"DeviceSerialNumber": "71516",
	"StationName": "HOST-BN4DE7MMKN",
	"BodyPartExamined": "HEAD",
	"PatientPosition": "HFS",
	"ProcedureStepDescription": "H",
	"SoftwareVersions": "6.0.541_6.0.541.2",
	"MRAcquisitionType": "2D",
	"SeriesDescription": "T2W_MV",
	"ProtocolName": "T2W_MV",
	"ScanningSequence": "SE",
	"SequenceVariant": "SK",
	"ScanOptions": "FS",
	"ImageType": ["ORIGINAL", "PRIMARY", "M", "SE", "M", "SE"],
	"SeriesNumber": 401,
	"AcquisitionTime": "19:54:47.270000",
	"AcquisitionNumber": 4,
	"PhilipsRWVSlope": 1.70452,
	"PhilipsRWVIntercept": 0,
	"SliceThickness": 5,
	"SpacingBetweenSlices": 6,
	"SAR": 0.359899,
	"EchoTime": 0.11,
	"RepetitionTime": 4,
	"FlipAngle": 90,
	"CoilString": "MULTI_COIL",
	"PartialFourier": 0.5,
	"PercentPhaseFOV": 100,
	"EchoTrainLength": 30,
	"PhaseEncodingSteps": 256,
	"AcquisitionMatrixPE": 60,
	"ReconMatrixPE": 432,
	"PixelBandwidth": 436,
	"ImageOrientationPatientDICOM": [
		0.99381,
		-0.0897384,
		0.0654942,
		0.096878,
		0.98857,
		-0.115517	],
	"ConversionSoftware": "dcm2niix",
	"ConversionSoftwareVersion": "v1.0.20190902"
}
